GEM
  remote: https://rubygems.org/
  specs:
    activemodel (4.1.8)
      activesupport (= 4.1.8)
      builder (~> 3.1)
    activerecord (4.1.8)
      activemodel (= 4.1.8)
      activesupport (= 4.1.8)
      arel (~> 5.0.0)
    activerecord-jdbc-adapter (1.3.13)
      activerecord (>= 2.2)
    activerecord-jdbcderby-adapter (1.3.13)
      activerecord-jdbc-adapter (~> 1.3.13)
      jdbc-derby (~> 10.6)
    activesupport (4.1.8)
      i18n (~> 0.6, >= 0.6.9)
      json (~> 1.7, >= 1.7.7)
      minitest (~> 5.1)
      thread_safe (~> 0.1)
      tzinfo (~> 1.1)
    arel (5.0.1.20140414130214)
    builder (3.2.2)
    i18n (0.7.0)
    jdbc-derby (10.10.2.0)
    json (1.8.1)
    json (1.8.1-java)
    minitest (5.5.0)
    thread_safe (0.3.6)
    thread_safe (0.3.6-java)
    tzinfo (1.2.10)
      thread_safe (~> 0.1)

PLATFORMS
  java
  ruby

DEPENDENCIES
  activerecord (~> 4.1.0)
  activerecord-jdbcderby-adapter
